GIT
  remote: https://github.com/alphagov/passphrase_entropy.git
  revision: 70c37daeb0c85afe9832ad4231cc5c548efb3184
  specs:
    passphrase_entropy (0.1.2)

GEM
  remote: https://rubygems.org/
  specs:
    Ascii85 (1.0.2)
    actionmailer (3.2.16)
      actionpack (= 3.2.16)
      mail (~> 2.5.4)
    actionpack (3.2.16)
      activemodel (= 3.2.16)
      activesupport (= 3.2.16)
      builder (~> 3.0.0)
      erubis (~> 2.7.0)
      journey (~> 1.0.4)
      rack (~> 1.4.5)
      rack-cache (~> 1.2)
      rack-test (~> 0.6.1)
      sprockets (~> 2.2.1)
    activemodel (3.2.16)
      activesupport (= 3.2.16)
      builder (~> 3.0.0)
    activerecord (3.2.16)
      activemodel (= 3.2.16)
      activesupport (= 3.2.16)
      arel (~> 3.0.2)
      tzinfo (~> 0.3.29)
    activeresource (3.2.16)
      activemodel (= 3.2.16)
      activesupport (= 3.2.16)
    activesupport (3.2.16)
      i18n (~> 0.6, >= 0.6.4)
      multi_json (~> 1.0)
    addressable (2.2.8)
    ansi (1.4.3)
    arel (3.0.3)
    aws-ses (0.5.0)
      builder
      mail (> 2.2.5)
      mime-types
      xml-simple
    bcrypt-ruby (3.1.2)
    bootstrap-will_paginate (0.0.7)
      will_paginate
    bourbon (2.1.1)
      sass (>= 3.1)
    brakeman (2.0.0)
      erubis (~> 2.6)
      fastercsv (~> 1.5)
      haml (>= 3.0, < 5.0)
      highline (~> 1.6.19)
      multi_json (~> 1.2)
      ruby2ruby (~> 2.0.5)
      ruby_parser (~> 3.1.1)
      sass (~> 3.0)
      slim (~> 1.3.6)
      terminal-table (~> 1.4)
    builder (3.0.0)
    canable (0.3.0)
    capybara (2.0.2)
      mime-types (>= 1.16)
      nokogiri (>= 1.3.3)
      rack (>= 1.0.0)
      rack-test (>= 0.5.4)
      selenium-webdriver (~> 2.0)
      xpath (~> 1.0.0)
    childprocess (0.3.9)
      ffi (~> 1.0, >= 1.0.11)
    chronic (0.6.7)
    ci_reporter (1.8.4)
      builder (>= 2.1.2)
    coderay (1.1.0)
    columnize (0.3.6)
    commonjs (0.2.7)
    composite_primary_keys (5.0.13)
      activerecord (~> 3.2.0, >= 3.2.9)
    data-anonymization (0.5.3)
      activerecord (~> 3.2.11)
      activesupport (~> 3.2.11)
      composite_primary_keys (~> 5.0.11)
      parallel (~> 0.6.1)
      powerbar (~> 1.0.11)
      rgeo (~> 0.3.20)
      rgeo-geojson (~> 0.2.3)
      thor (~> 0.17.0)
    debugger (1.6.1)
      columnize (>= 0.3.1)
      debugger-linecache (~> 1.2.0)
      debugger-ruby_core_source (~> 1.2.3)
    debugger-linecache (1.2.0)
    debugger-ruby_core_source (1.2.3)
    devise (2.2.5)
      bcrypt-ruby (~> 3.0)
      orm_adapter (~> 0.1)
      railties (~> 3.1)
      warden (~> 1.2.1)
    devise-encryptable (0.1.2)
      devise (>= 2.1.0)
    devise_security_extension (0.7.2)
      devise (>= 2.0.0)
      rails (>= 3.1.1)
    diff-lcs (1.1.3)
    docile (1.1.0)
    erubis (2.7.0)
    exception_notification (2.5.2)
      actionmailer (>= 3.0.4)
    execjs (2.0.2)
    factory_girl (4.2.0)
      activesupport (>= 3.0.0)
    factory_girl_rails (4.2.0)
      factory_girl (~> 4.2.0)
      railties (>= 3.0.0)
    fastercsv (1.5.5)
    ffi (1.9.3)
    formatador (0.2.4)
    guard (1.8.3)
      formatador (>= 0.2.4)
      listen (~> 1.3)
      lumberjack (>= 1.0.2)
      pry (>= 0.9.10)
      thor (>= 0.14.6)
    guard-rspec (0.7.2)
      guard (>= 0.10.0)
    haml (4.0.4)
      tilt
    hashie (2.0.5)
    highline (1.6.20)
    hike (1.2.3)
    i18n (0.6.9)
    journey (1.0.4)
    jquery-rails (2.2.1)
      railties (>= 3.0, < 5.0)
      thor (>= 0.14, < 2.0)
    json (1.8.1)
    kgio (2.8.1)
    launchy (2.1.0)
      addressable (~> 2.2.6)
    less (2.2.2)
      commonjs (~> 0.2.6)
    less-rails (2.2.6)
      actionpack (>= 3.1)
      less (~> 2.2.0)
    libv8 (3.16.14.3)
    listen (1.3.1)
      rb-fsevent (>= 0.9.3)
      rb-inotify (>= 0.9)
      rb-kqueue (>= 0.2)
    lockfile (2.1.0)
    lograge (0.1.2)
      actionpack
      activesupport
    lumberjack (1.0.4)
    mail (2.5.4)
      mime-types (~> 1.16)
      treetop (~> 1.4.8)
    method_source (0.8.2)
    mime-types (1.25.1)
    mini_portile (0.5.2)
    money (5.1.1)
      i18n (~> 0.6.0)
    multi_json (1.8.2)
    mysql2 (0.3.11)
    nokogiri (1.6.0)
      mini_portile (~> 0.5.0)
    orm_adapter (0.5.0)
    parallel (0.6.5)
    parallel_tests (0.16.3)
      parallel
    pdf-reader (1.1.1)
      Ascii85 (~> 1.0.0)
      ruby-rc4
    plek (0.3.0)
    polyglot (0.3.3)
    powder (0.1.8)
      thor (>= 0.11.5)
    powerbar (1.0.11)
      ansi (~> 1.4.0)
      hashie (>= 1.1.0)
    prawn (0.12.0)
      pdf-reader (>= 0.9.0)
      ttfunk (~> 1.0.2)
    progressbar (0.11.0)
    pry (0.9.12.3)
      coderay (~> 1.0)
      method_source (~> 0.8)
      slop (~> 3.4)
    rack (1.4.5)
    rack-cache (1.2)
      rack (>= 0.4)
    rack-ssl (1.3.3)
      rack
    rack-ssl-enforcer (0.2.6)
    rack-test (0.6.2)
      rack (>= 1.0)
    rails (3.2.16)
      actionmailer (= 3.2.16)
      actionpack (= 3.2.16)
      activerecord (= 3.2.16)
      activeresource (= 3.2.16)
      activesupport (= 3.2.16)
      bundler (~> 1.0)
      railties (= 3.2.16)
    railties (3.2.16)
      actionpack (= 3.2.16)
      activesupport (= 3.2.16)
      rack-ssl (~> 1.3.2)
      rake (>= 0.8.7)
      rdoc (~> 3.4)
      thor (>= 0.14.6, < 2.0)
    raindrops (0.12.0)
    rake (10.1.0)
    rb-fsevent (0.9.3)
    rb-inotify (0.9.2)
      ffi (>= 0.5.0)
    rb-kqueue (0.2.0)
      ffi (>= 0.5.0)
    rdoc (3.12.2)
      json (~> 1.4)
    ref (1.0.5)
    rgeo (0.3.20)
    rgeo-geojson (0.2.3)
      rgeo (>= 0.3.7)
    rspec-core (2.12.2)
    rspec-expectations (2.12.1)
      diff-lcs (~> 1.1.3)
    rspec-mocks (2.12.2)
    rspec-rails (2.12.2)
      actionpack (>= 3.0)
      activesupport (>= 3.0)
      railties (>= 3.0)
      rspec-core (~> 2.12.0)
      rspec-expectations (~> 2.12.0)
      rspec-mocks (~> 2.12.0)
    ruby-rc4 (0.1.5)
    ruby2ruby (2.0.6)
      ruby_parser (~> 3.1)
      sexp_processor (~> 4.0)
    ruby_parser (3.1.3)
      sexp_processor (~> 4.1)
    rubyzip (1.0.0)
    sass (3.2.12)
    sass-rails (3.2.5)
      railties (~> 3.2.0)
      sass (>= 3.1.10)
      tilt (~> 1.3)
    selenium-webdriver (2.37.0)
      childprocess (>= 0.2.5)
      multi_json (~> 1.0)
      rubyzip (~> 1.0.0)
      websocket (~> 1.0.4)
    sexp_processor (4.4.0)
    simple_form (2.0.4)
      actionpack (~> 3.0)
      activemodel (~> 3.0)
    simplecov (0.8.1)
      docile (~> 1.1.0)
      lockfile (>= 2.1.0)
      multi_json
      simplecov-html (~> 0.8.0)
    simplecov-html (0.8.0)
    simplecov-rcov (0.2.3)
      simplecov (>= 0.4.1)
    slim (1.3.9)
      temple (~> 0.6.3)
      tilt (~> 1.3, >= 1.3.3)
    slop (3.4.7)
    sprockets (2.2.2)
      hike (~> 1.2)
      multi_json (~> 1.0)
      rack (~> 1.0)
      tilt (~> 1.1, != 1.3.0)
    sqlite3 (1.3.6)
    statsd-ruby (1.0.0)
    temple (0.6.7)
    terminal-table (1.4.5)
    therubyracer (0.12.0)
      libv8 (~> 3.16.14.0)
      ref
    thor (0.17.0)
    tilt (1.4.1)
    timecop (0.5.9.1)
    treetop (1.4.15)
      polyglot
      polyglot (>= 0.3.1)
    ttfunk (1.0.3)
    twitter-bootstrap-rails (2.2.0)
      actionpack (>= 3.1)
      execjs
      railties (>= 3.1)
    tzinfo (0.3.38)
    uglifier (1.2.4)
      execjs (>= 0.3.0)
      multi_json (>= 1.0.2)
    uk_postcode (1.0.0)
    unicorn (4.6.2)
      kgio (~> 2.6)
      rack
      raindrops (~> 0.7)
    useragent (0.4.16)
    validate_as_email (1.0.3)
      activemodel (~> 3)
      mail (~> 2)
    warden (1.2.3)
      rack (>= 1.0)
    websocket (1.0.7)
    weekdays (1.0.2)
    whenever (0.7.3)
      activesupport (>= 2.3.4)
      chronic (~> 0.6.3)
    will_paginate (3.0.3)
    xml-simple (1.1.2)
    xpath (1.0.0)
      nokogiri (~> 1.3)

PLATFORMS
  ruby

DEPENDENCIES
  aws-ses
  bootstrap-will_paginate (= 0.0.7)
  bourbon (= 2.1.1)
  brakeman (= 2.0.0)
  builder (= 3.0.0)
  canable (= 0.3.0)
  capybara (= 2.0.2)
  ci_reporter (= 1.8.4)
  data-anonymization (= 0.5.3)
  debugger (= 1.6.1)
  devise (= 2.2.5)
  devise-encryptable (= 0.1.2)
  devise_security_extension (= 0.7.2)
  exception_notification (= 2.5.2)
  factory_girl_rails (= 4.2.0)
  guard-rspec (= 0.7.2)
  jquery-rails (= 2.2.1)
  launchy (= 2.1.0)
  less-rails (= 2.2.6)
  lograge (= 0.1.2)
  money (= 5.1.1)
  mysql2 (= 0.3.11)
  parallel_tests (= 0.16.3)
  passphrase_entropy!
  pdf-reader (= 1.1.1)
  plek (= 0.3.0)
  powder (= 0.1.8)
  prawn (= 0.12.0)
  progressbar (= 0.11.0)
  rack-ssl-enforcer
  rails (= 3.2.16)
  rspec-rails (= 2.12.2)
  sass-rails (= 3.2.5)
  simple_form (= 2.0.4)
  simplecov-rcov (= 0.2.3)
  sqlite3 (= 1.3.6)
  statsd-ruby (= 1.0.0)
  therubyracer (= 0.12)
  timecop (= 0.5.9.1)
  twitter-bootstrap-rails (= 2.2.0)
  uglifier (= 1.2.4)
  uk_postcode
  unicorn (= 4.6.2)
  useragent (= 0.4.16)
  validate_as_email (= 1.0.3)
  weekdays (= 1.0.2)
  whenever (= 0.7.3)
  will_paginate (= 3.0.3)
